GEM
  remote: http://rubygems.org/
  specs:
    oniguruma (1.1.0)
    plist (3.1.0)
    rake (0.8.7)
    textpow1x (0.11.0)
      plist (>= 3.0.1)

PLATFORMS
  ruby

DEPENDENCIES
  oniguruma
  rake (= 0.8.7)
  textpow1x
