PATH
  remote: .
  specs:
    textpow1x (0.11.0)
      textpow1x (>= 0.11.0)

GEM
  remote: http://rubygems.org/
  specs:
    oniguruma (1.1.0)
    rake (0.8.7)

PLATFORMS
  ruby

DEPENDENCIES
  oniguruma
  rake (= 0.8.7)
  textpow1x!
