GEM
  remote: http://rubygems.org/
  specs:
    diff-lcs (1.1.3)
    oniguruma (1.1.0)
    plist (3.1.0)
    rack (1.4.1)
    rake (0.9.2.2)
    rspec (2.11.0)
      rspec-core (~> 2.11.0)
      rspec-expectations (~> 2.11.0)
      rspec-mocks (~> 2.11.0)
    rspec-core (2.11.1)
    rspec-expectations (2.11.2)
      diff-lcs (~> 1.1.3)
    rspec-mocks (2.11.2)
    textpow (1.3.0)
      plist (>= 3.0.1)

PLATFORMS
  ruby

DEPENDENCIES
  oniguruma
  rack
  rake
  rspec
  textpow (>= 1.3)
